GIT
  remote: git://github.com/rubymotion/BubbleWrap.git
  revision: 7b6034293d948887ca5bc9c0073d7af9d68caa43
  specs:
    bubble-wrap (1.3.0)

PATH
  remote: ~/Projects/*Defaults/Misc/Gems/StatusBar
  specs:
    StatusBar (0.1)
      bubble-wrap (~> 1.3.0)
      sugarcube

PATH
  remote: ~/Projects/*Defaults/Misc/Gems/sugarcube
  specs:
    sugarcube (1.1.0)

GEM
  remote: https://rubygems.org/
  specs:
    rake (10.1.0)
    teacup (2.1.10)

PLATFORMS
  ruby

DEPENDENCIES
  StatusBar!
  bubble-wrap!
  rake
  sugarcube!
  teacup
